GEM
  remote: https://rubygems.org/
  specs:
    builder (3.2.2)
    httparty (0.12.0)
      json (~> 1.8)
      multi_xml (>= 0.5.2)
    json (1.8.1)
    multi_xml (0.5.5)
    ruby-freshbooks (0.4.1)
      builder (>= 2.1.2)
      httparty (>= 0.5.0)

PLATFORMS
  ruby

DEPENDENCIES
  ruby-freshbooks
